GEM
  remote: https://rubygems.org/
  specs:
    diff-lcs (1.3)
    diffy (3.2.0)
    dotenv (2.2.1)
    etsy (0.3.2)
      json (>= 1.5.0)
      oauth (~> 0.4.0)
    json (2.1.0)
    metadown (1.0.1)
      redcarpet
    oauth (0.4.7)
    redcarpet (3.4.0)
    rspec (3.7.0)
      rspec-core (~> 3.7.0)
      rspec-expectations (~> 3.7.0)
      rspec-mocks (~> 3.7.0)
    rspec-core (3.7.1)
      rspec-support (~> 3.7.0)
    rspec-expectations (3.7.0)
      diff-lcs (>= 1.2.0, < 2.0)
      rspec-support (~> 3.7.0)
    rspec-mocks (3.7.0)
      diff-lcs (>= 1.2.0, < 2.0)
      rspec-support (~> 3.7.0)
    rspec-support (3.7.1)

PLATFORMS
  ruby

DEPENDENCIES
  diffy
  dotenv
  etsy
  metadown
  rspec

RUBY VERSION
   ruby 2.3.0p0

BUNDLED WITH
   1.16.1
