GEM
  remote: https://rubygems.org/
  specs:
    dotenv (2.2.1)
    etsy (0.3.2)
      json (>= 1.5.0)
      oauth (~> 0.4.0)
    json (2.1.0)
    oauth (0.4.7)

PLATFORMS
  ruby

DEPENDENCIES
  dotenv
  etsy

RUBY VERSION
   ruby 2.3.0p0

BUNDLED WITH
   1.16.1
